PATH
  remote: .
  specs:
    openssl_rsa_pss_verify (0.0.1)

GEM
  remote: http://rubygems.org/
  specs:
    rake (10.1.0)
    rake-compiler (0.8.3)
      rake

PLATFORMS
  ruby

DEPENDENCIES
  openssl_rsa_pss_verify!
  rake-compiler (~> 0.8.3)
