PATH
  remote: .
  specs:
    openssl_rsa_pss_verify (0.1.1)

GEM
  remote: http://rubygems.org/
  specs:
    diff-lcs (1.2.4)
    fuubar (1.1.1)
      rspec (~> 2.0)
      rspec-instafail (~> 0.2.0)
      ruby-progressbar (~> 1.0)
    rake (10.1.0)
    rake-compiler (0.8.3)
      rake
    rspec (2.14.1)
      rspec-core (~> 2.14.0)
      rspec-expectations (~> 2.14.0)
      rspec-mocks (~> 2.14.0)
    rspec-core (2.14.4)
    rspec-expectations (2.14.0)
      diff-lcs (>= 1.1.3, < 2.0)
    rspec-instafail (0.2.4)
    rspec-mocks (2.14.2)
    ruby-progressbar (1.1.1)

PLATFORMS
  ruby

DEPENDENCIES
  fuubar (~> 1.1.1)
  openssl_rsa_pss_verify!
  rake-compiler (~> 0.8.3)
  rspec (~> 2.14.1)
